GEM
  specs:
    activesupport (3.2.13)
      i18n (= 0.6.1)
      multi_json (~> 1.0)
    chronic (0.9.1)
    i18n (0.6.1)
    multi_json (1.7.2)
    rake (10.0.4)
    whenever (0.8.2)
      activesupport (>= 2.3.4)
      chronic (>= 0.6.3)

PLATFORMS
  ruby

DEPENDENCIES
  rake (~> 10.0.4)
  whenever (~> 0.8.2)
